GEM
  remote: https://rubygems.org/
  specs:
    minitest (5.21.2)

PLATFORMS
  x86_64-linux

DEPENDENCIES
  minitest (~> 5.14)

BUNDLED WITH
   2.4.6
